GEM
  specs:
    date (3.1.0)
    multipart-post (2.1.1)
    open-uri (0.2.0)
      stringio
      time
      uri
    stringio (3.0.0)
    time (0.1.0)
      date
    uri (0.10.1)

PLATFORMS
  x64-mingw32

DEPENDENCIES
  multipart-post
  open-uri

BUNDLED WITH
   2.2.22
